GEM
  remote: https://rubygems.org/
  specs:
    csv (3.3.0)
    json (2.9.0)
    thor (1.3.2)

PLATFORMS
  arm64-darwin-24
  ruby

DEPENDENCIES
  csv
  json
  thor

BUNDLED WITH
   2.5.3
